GEM
  remote: http://rubygems.org/
  specs:
    flickraw (0.9.6)
    jruby-rack (1.1.9)
    rack (1.4.1)
    rack-protection (1.2.0)
      rack
    sinatra (1.3.2)
      rack (~> 1.3, >= 1.3.6)
      rack-protection (~> 1.2)
      tilt (~> 1.3, >= 1.3.3)
    tilt (1.3.3)
    trinidad (1.4.1)
      jruby-rack (>= 1.1.7)
      trinidad_jars (>= 1.0.5)
    trinidad_jars (1.0.6)

PLATFORMS
  java

DEPENDENCIES
  flickraw
  sinatra
  trinidad
